PATH
  remote: .
  specs:
    fold-core (0.0.1)
      activerecord (~> 3.2)
      activesupport (~> 3.2)
      friendly_id (~> 4.0)
      paranoia (~> 1.2)
      state_machine (~> 1.1)

GEM
  remote: https://rubygems.org/
  specs:
    activemodel (3.2.12)
      activesupport (= 3.2.12)
      builder (~> 3.0.0)
    activerecord (3.2.12)
      activemodel (= 3.2.12)
      activesupport (= 3.2.12)
      arel (~> 3.0.2)
      tzinfo (~> 0.3.29)
    activesupport (3.2.12)
      i18n (~> 0.6)
      multi_json (~> 1.0)
    arel (3.0.2)
    builder (3.0.4)
    diff-lcs (1.1.3)
    friendly_id (4.0.9)
    i18n (0.6.4)
    multi_json (1.6.1)
    paranoia (1.2.0)
      activerecord (>= 3.0.0)
    rspec (2.12.0)
      rspec-core (~> 2.12.0)
      rspec-expectations (~> 2.12.0)
      rspec-mocks (~> 2.12.0)
    rspec-core (2.12.2)
    rspec-expectations (2.12.1)
      diff-lcs (~> 1.1.3)
    rspec-mocks (2.12.2)
    state_machine (1.1.2)
    tzinfo (0.3.36)

PLATFORMS
  ruby

DEPENDENCIES
  fold-core!
  rspec
